GEM
  remote: https://rubygems.org/
  specs:
    sass (3.4.4)
    teamocil (1.0.5)
    vendorer (0.1.16)

PLATFORMS
  ruby

DEPENDENCIES
  sass
  teamocil
  vendorer
