GEM
  remote: https://rubygems.org/
  specs:
    sass (3.4.2)
    vendorer (0.1.16)

PLATFORMS
  ruby

DEPENDENCIES
  sass
  vendorer
