GEM
  remote: https://rubygems.org/
  specs:
    vendorer (0.1.15)

PLATFORMS
  ruby

DEPENDENCIES
  vendorer
